PATH
  remote: .
  specs:
    dict (0.1.6)
      nokogiri (~> 1.5.5)
      slop (~> 3.3.2)

GEM
  remote: http://rubygems.org/
  specs:
    diff-lcs (1.1.3)
    nokogiri (1.5.5)
    rake (0.9.2.2)
    rspec (2.8.0)
      rspec-core (~> 2.8.0)
      rspec-expectations (~> 2.8.0)
      rspec-mocks (~> 2.8.0)
    rspec-core (2.8.0)
    rspec-expectations (2.8.0)
      diff-lcs (~> 1.1.2)
    rspec-mocks (2.8.0)
    slop (3.3.2)

PLATFORMS
  ruby

DEPENDENCIES
  dict!
  rake
  rspec (~> 2.8.0)
