PATH
  remote: .
  specs:
    dict (0.2.4.1)
      nokogiri (~> 1.5.5)
      slop (~> 3.3.2)

GEM
  remote: http://rubygems.org/
  specs:
    activesupport (3.2.6)
      i18n (~> 0.6)
      multi_json (~> 1.0)
    diff-lcs (1.1.3)
    fakeweb (1.3.0)
    i18n (0.6.0)
    multi_json (1.3.6)
    nokogiri (1.5.5)
    rake (0.9.2.2)
    rspec (2.11.0)
      rspec-core (~> 2.11.0)
      rspec-expectations (~> 2.11.0)
      rspec-mocks (~> 2.11.0)
    rspec-core (2.11.0)
    rspec-expectations (2.11.1)
      diff-lcs (~> 1.1.3)
    rspec-mocks (2.11.1)
    slop (3.3.2)
    vcr (2.2.3)

PLATFORMS
  ruby

DEPENDENCIES
  activesupport
  dict!
  fakeweb
  rake
  rspec (~> 2.11)
  vcr
